GEM
  remote: https://rubygems.org/
  specs:
    memcache-client (1.8.5)

PLATFORMS
  ruby

DEPENDENCIES
  memcache-client (~> 1.8, >= 1.8.4)

BUNDLED WITH
   2.1.2
